PATH
  remote: .
  specs:
    capybara-webkit (0.12.0)
      capybara
      json

GEM
  remote: http://rubygems.org/
  specs:
    addressable (2.3.2)
    appraisal (0.4.1)
      bundler
      rake
    capybara
      mime-types (>= 1.16)
      nokogiri (>= 1.3.3)
      rack (>= 1.0.0)
      rack-test (>= 0.5.4)
      selenium-webdriver (~> 2.0)
      xpath (~> 0.1.4)
    childprocess (0.3.5)
      ffi (~> 1.0, >= 1.0.6)
    diff-lcs (1.1.3)
    ffi (1.1.5)
    ffi (1.1.5-x86-mingw32)
    json (1.7.5)
    libwebsocket (0.1.5)
      addressable
    mime-types (1.19)
    mini_magick (3.4)
      subexec (~> 0.2.1)
    multi_json (1.3.6)
    nokogiri (1.5.5)
    nokogiri (1.5.5-x86-mingw32)
    rack (1.4.1)
    rack-protection (1.2.0)
      rack
    rack-test (0.6.1)
      rack (>= 1.0)
    rake (0.9.2.2)
    rspec (2.6.0)
      rspec-core (~> 2.6.0)
      rspec-expectations (~> 2.6.0)
      rspec-mocks (~> 2.6.0)
    rspec-core (2.6.4)
    rspec-expectations (2.6.0)
      diff-lcs (~> 1.1.2)
    rspec-mocks (2.6.0)
    rubyzip (0.9.9)
    selenium-webdriver (2.25.0)
      childprocess (>= 0.2.5)
      libwebsocket (~> 0.1.3)
      multi_json (~> 1.0)
      rubyzip
    sinatra (1.3.3)
      rack (~> 1.3, >= 1.3.6)
      rack-protection (~> 1.2)
      tilt (~> 1.3, >= 1.3.3)
    subexec (0.2.2)
    tilt (1.3.3)
    xpath (0.1.4)
      nokogiri (~> 1.3)

PLATFORMS
  ruby
  x86-mingw32

DEPENDENCIES
  appraisal (~> 0.4.0)
  capybara-webkit!
  mini_magick
  rake
  rspec (~> 2.6.0)
  sinatra
